PATH
  remote: .
  specs:
    gistance (1.2.0)
      faraday (~> 2.12)
      faraday_middleware (~> 0.9.1)
      hashie (~> 2.0.5)
      json (~> 2.8.2)
      multi_json (~> 1.11.0)

GEM
  remote: https://rubygems.org/
  specs:
    addressable (2.3.6)
    cane (2.6.1)
      parallel
    coderay (1.1.0)
    coveralls (0.8.2)
      json (~> 2.8)
      rest-client (>= 1.6.8, < 2)
      simplecov (~> 0.10.0)
      term-ansicolor (~> 1.3)
      thor (~> 0.19.1)
    crack (0.4.2)
      safe_yaml (~> 1.0.0)
    diff-lcs (1.2.5)
    docile (1.1.5)
    domain_name (0.5.24)
      unf (>= 0.0.5, < 1.0.0)
    faraday (2.12)
      multipart-post (>= 1.2, < 3)
    faraday_middleware (0.9.2)
      faraday (2.12)
    hashie (2.0.5)
    http-cookie (1.0.2)
      domain_name (~> 0.5)
    json (2.8.2)
    method_source (0.8.2)
    mime-types (2.6.2)
    multi_json (1.11.2)
    multipart-post (2.0.0)
    netrc (0.10.3)
    parallel (1.0.0)
    pry (0.9.12.6)
      coderay (~> 1.0)
      method_source (~> 0.8)
      slop (~> 3.4)
    rake (10.2.2)
    rest-client (1.8.0)
      http-cookie (>= 1.0.2, < 2.0)
      mime-types (>= 1.16, < 3.0)
      netrc (~> 0.7)
    rspec (2.14.1)
      rspec-core (~> 2.14.0)
      rspec-expectations (~> 2.14.0)
      rspec-mocks (~> 2.14.0)
    rspec-core (2.14.8)
    rspec-expectations (2.14.5)
      diff-lcs (>= 1.1.3, < 2.0)
    rspec-mocks (2.14.6)
    safe_yaml (1.0.1)
    simplecov (0.10.0)
      docile (~> 1.1.0)
      json (~> 2.8)
      simplecov-html (~> 0.10.0)
    simplecov-html (0.10.0)
    slop (3.5.0)
    term-ansicolor (1.3.2)
      tins (~> 1.0)
    thor (0.19.1)
    tins (1.6.0)
    unf (0.1.4)
      unf_ext
    unf_ext (0.0.7.1)
    vcr (2.9.0)
    webmock (1.17.4)
      addressable (>= 2.2.7)
      crack (>= 0.3.2)
    yard (0.8.7.4)

PLATFORMS
  ruby

DEPENDENCIES
  cane
  coveralls
  gistance!
  pry
  rake
  rspec
  simplecov
  vcr
  webmock
  yard

BUNDLED WITH
   1.10.6
